PATH
  remote: .
  specs:
    bike_shops (0.1.0)

GEM
  remote: https://rubygems.org/
  specs:
    rake (12.3.3)

PLATFORMS
  ruby

DEPENDENCIES
  bike_shops!
  rake (~> 12.3)

BUNDLED WITH
   2.1.4
